NUGET
  remote: https://www.nuget.org/api/v2
    IKVM (8.1.5717)
